GEM
  remote: https://rubygems.org/
  specs:
    addressable (2.3.3)
    dbpedia (0.0.1)
      nokogiri (>= 1.5.5)
    duck-duck-go (1.1.3)
      httpclient
      json
    httpclient (2.3.3)
    json (1.7.7)
    json_pure (1.7.7)
    mustache (0.99.4)
    net-http-persistent (2.8)
    nokogiri (1.5.6)
    rack (1.5.2)
    rack-protection (1.5.0)
      rack
    rdf (1.0.4)
      addressable (>= 2.2)
    sinatra (1.4.3)
      rack (~> 1.4)
      rack-protection (~> 1.4)
      tilt (~> 1.3, >= 1.3.4)
    sparql-client (1.0.1)
      json_pure (>= 1.4)
      net-http-persistent (>= 1.4)
      rdf (>= 1.0)
    tilt (1.4.1)

PLATFORMS
  ruby

DEPENDENCIES
  dbpedia
  duck-duck-go
  mustache (~> 0.99.4)
  rack (~> 1.5.2)
  sinatra (~> 1.4.3)
  sparql-client
